GEM
  remote: https://rubygems.org/
  specs:
    chunky_png (1.3.1)
    compass (0.12.7)
      chunky_png (~> 1.2)
      fssm (>= 0.2.7)
      sass (~> 3.2.19)
    fssm (0.2.10)
    modular-scale (1.0.6)
      compass (>= 0.12.1)
      sass (>= 3.2.0)
      sassy-math (>= 1.5)
    rack (1.5.2)
    sass (3.2.19)
    sassy-math (1.5.1)
      compass (>= 0.11)
    vienna (0.4.0)
      rack (~> 1.5)

PLATFORMS
  ruby

DEPENDENCIES
  compass
  modular-scale (= 1.0.6)
  sass
  sassy-math
  vienna
